{
    "Modality":"MR",
    "MagneticFieldStrength":3,
    "ImagingFrequency":123.252,
    "Manufacturer":"Siemens",
    "ManufacturersModelName":"Prisma_fit",
    "InstitutionName":"Radiologie CHUV",
    "InstitutionalDepartmentName":"Department",
    "InstitutionAddress":"Rue du Bugnon 21,Lausanne,District,CH,1011",
    "DeviceSerialNumber":"67014",
    "StationName":"MRAWP67014",
    "BodyPartExamined":"BRAIN",
    "PatientPosition":"HFS",
    "ProcedureStepDescription":"RESEARCH^Solange_D.",
    "SoftwareVersions":"syngo MR E11",
    "MRAcquisitionType":"2D",
    "SeriesDescription":"t2_map_0.7x0.7x4_44_64ch_T2map",
    "ProtocolName":"t2_map_0.7x0.7x4_44_64ch",
    "ScanningSequence":"SE",
    "SequenceVariant":"SP",
    "SequenceName":"WIP_se2d16",
    "ImageType":[
        "ORIGINAL",
        "PRIMARY",
        "DERIVED",
        "ND",
        "T2",
        "MAP",
        "WIP899C"
    ],
    "RawImage":false,
    "SeriesNumber":31,
    "AcquisitionTime":"14:41:8.622500",
    "AcquisitionNumber":1,
    "ImageComments":"T2 Map [ms x10]",
    "SliceThickness":3,
    "SpacingBetweenSlices":3,
    "SAR":0.465137,
    "RepetitionTime":4,
    "FlipAngle":180,
    "PartialFourier":1,
    "BaseResolution":320,
    "ShimSetting":[
        8211,
        -5524,
        -6228,
        116,
        -23,
        6,
        -7,
        12
    ],
    "TxRefAmp":222.48,
    "PhaseResolution":0.8,
    "ReceiveCoilName":"HeadNeck_64",
    "ReceiveCoilActiveElements":"HC1-7",
    "PulseSequenceDetails":"%CustomerSeq%\\accT2map_wip899c_ve11e",
    "WipMemBlock":"WIP_Identifier: WIP#899C_VE11E",
    "RefLinesPE":24,
    "CoilCombinationMethod":"Adaptive Combine",
    "ConsistencyInfo":"N4_VE11E_LATEST_20181129",
    "MatrixCoilMode":"GRAPPA",
    "PercentPhaseFOV":93.75,
    "PercentSampling":80,
    "EchoTrainLength":16,
    "PhaseEncodingSteps":240,
    "AcquisitionMatrixPE":240,
    "ReconMatrixPE":600,
    "ParallelReductionFactorInPlane":2,
    "PixelBandwidth":220,
    "DwellTime":7.1e-06,
    "PhaseEncodingDirection":"i",
    "SliceTiming":[
        99.9688,
        0,
        60.1562,
        0.15625,
        60.3594,
        0.34375,
        60.5469,
        0.54688,
        60.7188,
        0.71875,
        60.8906,
        0.90625,
        61.0625,
        1.09375,
        61.25,
        1.26562,
        61.4531,
        1.4375,
        61.625,
        1.625,
        61.8125,
        1.78125,
        61.9688,
        2,
        62.1719,
        2.17188,
        62.3594,
        2.35938,
        62.5156,
        2.53125,
        62.7188,
        2.71875,
        62.9062,
        2.89062,
        63.0625,
        3.0625,
        63.2656,
        3.26562,
        63.4375,
        3.45312,
        63.625,
        3.625,
        63.7969,
        3.8125
    ],
    "ImageOrientationPatientDICOM":[
        0.996582,
        0.0822494,
        0.00768174,
        -0.0824593,
        0.984922,
        0.152082
    ],
    "ImageOrientationText":"Tra>Cor(8.8)>Sag(-0.3)",
    "InPlanePhaseEncodingDirectionDICOM":"ROW",
    "ConversionSoftware":"dcm2niix",
    "ConversionSoftwareVersion":"v1.0.20211006"
}