{
    "Modality":"MR",
    "MagneticFieldStrength":3,
    "ImagingFrequency":123.252,
    "Manufacturer":"Siemens",
    "ManufacturersModelName":"Prisma_fit",
    "InstitutionName":"Radiologie CHUV",
    "InstitutionalDepartmentName":"Department",
    "InstitutionAddress":"Rue du Bugnon 21,Lausanne,District,CH,1011",
    "DeviceSerialNumber":"67014",
    "StationName":"MRAWP67014",
    "BodyPartExamined":"BRAIN",
    "PatientPosition":"HFS",
    "ProcedureStepDescription":"RESEARCH^Solange_D.",
    "SoftwareVersions":"syngo MR E11",
    "MRAcquisitionType":"2D",
    "SeriesDescription":"t2_map_0.7x0.7x4_44_64ch_T2map",
    "ProtocolName":"t2_map_0.7x0.7x4_44_64ch",
    "ScanningSequence":"SE",
    "SequenceVariant":"SP",
    "SequenceName":"WIP_se2d16",
    "ImageType":[
        "ORIGINAL",
        "SECONDARY",
        "DERIVED",
        "ND",
        "T2",
        "MAP",
        "WIP899C"
    ],
    "RawImage":false,
    "SeriesNumber":13,
    "AcquisitionTime":"15:57:55.720000",
    "AcquisitionNumber":1,
    "ImageComments":"T2 Map [ms x10]",
    "SliceThickness":3,
    "SpacingBetweenSlices":3,
    "SAR":0.519263,
    "RepetitionTime":4,
    "FlipAngle":180,
    "PartialFourier":0.0666667,
    "PercentPhaseFOV":93.75,
    "PercentSampling":80,
    "EchoTrainLength":16,
    "PhaseEncodingSteps":240,
    "AcquisitionMatrixPE":240,
    "ReconMatrixPE":600,
    "PixelBandwidth":220,
    "PhaseEncodingAxis":"i",
    "SliceTiming":[
        99.9844,
        0,
        60.1719,
        0.17188,
        60.3594,
        0.34375,
        60.5156,
        0.51562,
        60.7188,
        0.71875,
        60.875,
        0.90625,
        61.0781,
        1.0625,
        61.2656,
        1.25,
        61.4219,
        1.45312,
        61.6406,
        1.625,
        61.8125,
        1.8125,
        61.9688,
        1.98438,
        62.1406,
        2.14062,
        62.3438,
        2.32812,
        62.5156,
        2.51562,
        62.7031,
        2.6875,
        62.8906,
        2.90625,
        63.0625,
        3.07812,
        63.2656,
        3.25,
        63.4375,
        3.45312,
        63.6094,
        3.64062,
        63.8125,
        3.8125
    ],
    "ImageOrientationPatientDICOM":[
        0.997137,
        0.068087,
        -0.032891,
        -0.0713007,
        0.991462,
        -0.109176
    ],
    "InPlanePhaseEncodingDirectionDICOM":"ROW",
    "ConversionSoftware":"dcm2niix",
    "ConversionSoftwareVersion":"v1.0.20211006"
}