{
    "Modality":"MR",
    "MagneticFieldStrength":3,
    "ImagingFrequency":123.252,
    "Manufacturer":"Siemens",
    "ManufacturersModelName":"Prisma_fit",
    "InstitutionName":"Radiologie CHUV",
    "InstitutionalDepartmentName":"Department",
    "InstitutionAddress":"Rue du Bugnon 21,Lausanne,District,CH,1011",
    "DeviceSerialNumber":"67014",
    "StationName":"MRAWP67014",
    "BodyPartExamined":"BRAIN",
    "PatientPosition":"HFS",
    "ProcedureStepDescription":"RESEARCH^Solange_D.",
    "SoftwareVersions":"syngo MR E11",
    "MRAcquisitionType":"3D",
    "SeriesDescription":"t1_map_0.7x0.7x3_44_LPM_T1_Images",
    "ProtocolName":"t1_map_0.7x0.7x3_44_LPM",
    "ScanningSequence":"GR\\IR",
    "SequenceVariant":"SK\\SP\\MP",
    "ScanOptions":"IR",
    "SequenceName":"WIP_cmp3d1_16",
    "ImageType":[
        "DERIVED",
        "PRIMARY",
        "T1 MAP",
        "DIS3D",
        "DIS2D"
    ],
    "RawImage":false,
    "SeriesNumber":19,
    "AcquisitionTime":"10:34:12.795000",
    "AcquisitionNumber":1,
    "ImageComments":"T1 Map",
    "SliceThickness":3,
    "SAR":0.0213249,
    "EchoTime":0.00355,
    "RepetitionTime":5,
    "SpoilingState":true,
    "PartialFourier":1,
    "BaseResolution":320,
    "ShimSetting":[
        8209,
        -5573,
        -5981,
        508,
        -41,
        56,
        35,
        49
    ],
    "TxRefAmp":210.89,
    "PhaseResolution":0.8,
    "ReceiveCoilName":"HeadNeck_64",
    "ReceiveCoilActiveElements":"HC1-7;NC1",
    "PulseSequenceDetails":"%CustomerSeq%\\cstfl_wip925b",
    "WipMemBlock":"WIP_Identifier: WIP#925B",
    "RefLinesPE":32,
    "CoilCombinationMethod":"Adaptive Combine",
    "ConsistencyInfo":"N4_VE11E_LATEST_20181129",
    "MatrixCoilMode":"GRAPPA",
    "PercentPhaseFOV":93.75,
    "PercentSampling":80,
    "PhaseEncodingSteps":239,
    "AcquisitionMatrixPE":240,
    "ReconMatrixPE":300,
    "ParallelReductionFactorInPlane":2,
    "PixelBandwidth":240,
    "DwellTime":6.5e-06,
    "ImageOrientationPatientDICOM":[
        0.999819,
        -0.0186212,
        -0.00393124,
        0.0190229,
        0.984063,
        0.176802
    ],
    "ImageOrientationText":"Tra>Cor(10.2)>Sag(-0.0)",
    "InPlanePhaseEncodingDirectionDICOM":"ROW",
    "ConversionSoftware":"dcm2niix",
    "ConversionSoftwareVersion":"v1.0.20211006"
}