{
    "Modality":"MR",
    "MagneticFieldStrength":3,
    "ImagingFrequency":123.252,
    "Manufacturer":"Siemens",
    "ManufacturersModelName":"Prisma_fit",
    "InstitutionName":"Radiologie CHUV",
    "InstitutionalDepartmentName":"Department",
    "InstitutionAddress":"Rue du Bugnon 21,Lausanne,District,CH,1011",
    "DeviceSerialNumber":"67014",
    "StationName":"MRAWP67014",
    "BodyPartExamined":"BRAIN",
    "PatientPosition":"HFS",
    "ProcedureStepDescription":"RESEARCH^Solange_D.",
    "SoftwareVersions":"syngo MR E11",
    "MRAcquisitionType":"3D",
    "SeriesDescription":"t1_map_0.7x0.7x3_44_LPM_INV2",
    "ProtocolName":"t1_map_0.7x0.7x3_44_LPM",
    "ScanningSequence":"GR\\IR",
    "SequenceVariant":"SK\\SP\\MP",
    "ScanOptions":"IR",
    "SequenceName":"WIP_cmp3d1_16",
    "ImageType":[
        "ORIGINAL",
        "PRIMARY",
        "M",
        "NORM",
        "DIS3D",
        "DIS2D"
    ],
    "SeriesNumber":18,
    "AcquisitionTime":"15:01:21.217500",
    "AcquisitionNumber":1,
    "ImageComments":"Inv2 Image",
    "SliceThickness":3,
    "SAR":0.0240333,
    "EchoTime":0.00355,
    "RepetitionTime":5,
    "SpoilingState":true,
    "InversionTime":2.5,
    "FlipAngle":5,
    "PartialFourier":1,
    "BaseResolution":320,
    "ShimSetting":[
        8218,
        -5564,
        -6042,
        490,
        -42,
        -37,
        -96,
        49
    ],
    "DiffusionScheme":"Bipolar",
    "TxRefAmp":214.563,
    "PhaseResolution":0.8,
    "ReceiveCoilName":"HeadNeck_64",
    "ReceiveCoilActiveElements":"HC3-7;NC1",
    "PulseSequenceDetails":"%CustomerSeq%\\cstfl_wip925b",
    "WipMemBlock":"WIP_Identifier: WIP#925B",
    "RefLinesPE":32,
    "CoilCombinationMethod":"Adaptive Combine",
    "ConsistencyInfo":"N4_VE11E_LATEST_20181129",
    "MatrixCoilMode":"GRAPPA",
    "PercentPhaseFOV":93.75,
    "PercentSampling":80,
    "PhaseEncodingSteps":239,
    "AcquisitionMatrixPE":240,
    "ReconMatrixPE":300,
    "ParallelReductionFactorInPlane":2,
    "PixelBandwidth":240,
    "DwellTime":6.5e-06,
    "ImageOrientationPatientDICOM":[
        0.99631,
        -0.0764382,
        -0.0390389,
        0.076312,
        0.997073,
        -0.00471438
    ],
    "ImageOrientationText":"Tra>Sag(-2.3)>Cor(-0.1)",
    "InPlanePhaseEncodingDirectionDICOM":"ROW",
    "ConversionSoftware":"dcm2niix",
    "ConversionSoftwareVersion":"v1.0.20211006"
}