{
    "Modality":"MR",
    "MagneticFieldStrength":3,
    "ImagingFrequency":123.252,
    "Manufacturer":"Siemens",
    "ManufacturersModelName":"Prisma_fit",
    "InstitutionName":"Radiologie CHUV",
    "InstitutionalDepartmentName":"Department",
    "InstitutionAddress":"Rue du Bugnon 21,Lausanne,District,CH,1011",
    "DeviceSerialNumber":"67014",
    "StationName":"MRAWP67014",
    "BodyPartExamined":"BRAIN",
    "PatientPosition":"HFS",
    "ProcedureStepDescription":"RESEARCH^Solange_D.",
    "SoftwareVersions":"syngo MR E11",
    "MRAcquisitionType":"2D",
    "SeriesDescription":"t2_map_0.7x0.7x4_44_64ch_T2map",
    "ProtocolName":"t2_map_0.7x0.7x4_44_64ch",
    "ScanningSequence":"SE",
    "SequenceVariant":"SP",
    "SequenceName":"WIP_se2d16",
    "ImageType":[
        "ORIGINAL",
        "SECONDARY",
        "DERIVED",
        "ND",
        "T2",
        "MAP",
        "WIP899C"
    ],
    "RawImage":false,
    "SeriesNumber":13,
    "AcquisitionTime":"14:17:17.222500",
    "AcquisitionNumber":1,
    "ImageComments":"T2 Map [ms x10]",
    "SliceThickness":3,
    "SpacingBetweenSlices":3,
    "SAR":0.582343,
    "RepetitionTime":4,
    "FlipAngle":180,
    "PartialFourier":0.0666667,
    "PercentPhaseFOV":93.75,
    "PercentSampling":80,
    "EchoTrainLength":16,
    "PhaseEncodingSteps":240,
    "AcquisitionMatrixPE":240,
    "ReconMatrixPE":600,
    "PixelBandwidth":220,
    "PhaseEncodingAxis":"i",
    "SliceTiming":[
        99.9688,
        0,
        60.1719,
        0.1875,
        60.3438,
        0.375,
        60.5469,
        0.54688,
        60.7031,
        0.70312,
        60.875,
        0.90625,
        61.0781,
        1.07812,
        61.2656,
        1.26562,
        61.4219,
        1.45312,
        61.6094,
        1.625,
        61.7969,
        1.79688,
        62,
        2,
        62.1719,
        2.17188,
        62.3438,
        2.34375,
        62.5469,
        2.54688,
        62.7344,
        2.70312,
        62.875,
        2.90625,
        63.0781,
        3.07812,
        63.25,
        3.25,
        63.4531,
        3.45312,
        63.6094,
        3.60938,
        63.8281,
        3.8125
    ],
    "ImageOrientationPatientDICOM":[
        0.99957,
        0.0161529,
        0.0244869,
        -0.0183201,
        0.995679,
        0.0910354
    ],
    "InPlanePhaseEncodingDirectionDICOM":"ROW",
    "ConversionSoftware":"dcm2niix",
    "ConversionSoftwareVersion":"v1.0.20211006"
}