{
    "Modality":"MR",
    "MagneticFieldStrength":3,
    "ImagingFrequency":123.252,
    "Manufacturer":"Siemens",
    "ManufacturersModelName":"Prisma_fit",
    "InstitutionName":"Radiologie CHUV",
    "InstitutionalDepartmentName":"Department",
    "InstitutionAddress":"Rue du Bugnon 21,Lausanne,District,CH,1011",
    "DeviceSerialNumber":"67014",
    "StationName":"MRAWP67014",
    "BodyPartExamined":"BRAIN",
    "PatientPosition":"HFS",
    "ProcedureStepDescription":"RESEARCH^Solange_D.",
    "SoftwareVersions":"syngo MR E11",
    "MRAcquisitionType":"2D",
    "SeriesDescription":"t2_map_0.7x0.7x4_44_64ch_T2map",
    "ProtocolName":"t2_map_0.7x0.7x4_44_64ch",
    "ScanningSequence":"SE",
    "SequenceVariant":"SP",
    "SequenceName":"WIP_se2d16",
    "ImageType":[
        "ORIGINAL",
        "SECONDARY",
        "DERIVED",
        "ND",
        "T2",
        "MAP",
        "WIP899C"
    ],
    "RawImage":false,
    "SeriesNumber":13,
    "AcquisitionTime":"14:33:53.705000",
    "AcquisitionNumber":1,
    "ImageComments":"T2 Map [ms x10]",
    "SliceThickness":3,
    "SpacingBetweenSlices":3,
    "SAR":0.573507,
    "RepetitionTime":4,
    "FlipAngle":180,
    "PartialFourier":0.0666667,
    "PercentPhaseFOV":93.75,
    "PercentSampling":80,
    "EchoTrainLength":16,
    "PhaseEncodingSteps":240,
    "AcquisitionMatrixPE":240,
    "ReconMatrixPE":600,
    "PixelBandwidth":220,
    "PhaseEncodingAxis":"i",
    "SliceTiming":[
        60.0156,
        0,
        60.2031,
        0.20312,
        60.3906,
        0.375,
        60.5469,
        0.54688,
        60.7188,
        0.71875,
        60.9219,
        0.9375,
        61.0938,
        1.125,
        61.2812,
        1.29688,
        61.4844,
        1.46875,
        61.6562,
        1.625,
        61.8281,
        1.82812,
        62,
        2.01562,
        62.1875,
        2.20312,
        62.3906,
        2.35938,
        62.5469,
        2.54688,
        62.7344,
        2.73438,
        62.9219,
        2.92188,
        63.1094,
        3.09375,
        63.2812,
        3.29688,
        63.4844,
        3.48438,
        63.6406,
        3.65625,
        63.8438,
        3.82812
    ],
    "ImageOrientationPatientDICOM":[
        0.993402,
        0.0419481,
        0.106733,
        -0.0468477,
        0.99794,
        0.0438187
    ],
    "InPlanePhaseEncodingDirectionDICOM":"ROW",
    "ConversionSoftware":"dcm2niix",
    "ConversionSoftwareVersion":"v1.0.20211006"
}