{
    "Modality":"MR",
    "MagneticFieldStrength":3,
    "ImagingFrequency":123.252,
    "Manufacturer":"Siemens",
    "ManufacturersModelName":"Prisma_fit",
    "InstitutionName":"Radiologie CHUV",
    "InstitutionalDepartmentName":"Department",
    "InstitutionAddress":"Rue du Bugnon 21,Lausanne,District,CH,1011",
    "DeviceSerialNumber":"67014",
    "StationName":"MRAWP67014",
    "BodyPartExamined":"BRAIN",
    "PatientPosition":"HFS",
    "ProcedureStepDescription":"RESEARCH^Patric",
    "SoftwareVersions":"syngo MR E11",
    "MRAcquisitionType":"2D",
    "SeriesDescription":"t2_map_0.7x0.7x3_44_LPM_T2map",
    "ProtocolName":"t2_map_0.7x0.7x3_44_LPM",
    "ScanningSequence":"SE",
    "SequenceVariant":"SP",
    "SequenceName":"se2d16",
    "ImageType":[
        "ORIGINAL",
        "PRIMARY",
        "DERIVED",
        "ND",
        "T2",
        "MAP",
        "WIP899C"
    ],
    "RawImage":false,
    "SeriesNumber":36,
    "AcquisitionTime":"16:41:30.560000",
    "AcquisitionNumber":1,
    "ImageComments":"T2 Map [ms x10]",
    "SliceThickness":3,
    "SpacingBetweenSlices":3,
    "SAR":0.778715,
    "RepetitionTime":4,
    "FlipAngle":180,
    "PartialFourier":1,
    "BaseResolution":320,
    "ShimSetting":[
        8211,
        -5515,
        -6221,
        100,
        -25,
        0,
        -26,
        13
    ],
    "TxRefAmp":211.188,
    "PhaseResolution":0.8,
    "ReceiveCoilName":"HeadNeck_64",
    "ReceiveCoilActiveElements":"HC3-7",
    "PulseSequenceDetails":"%CustomerSeq%\\accT2map_wip899c",
    "WipMemBlock":"WIP_Identifier: WIP#899C_VE11C",
    "RefLinesPE":24,
    "ConsistencyInfo":"N4_VE11C_LATEST_20160120",
    "PercentPhaseFOV":93.75,
    "PercentSampling":80,
    "EchoTrainLength":16,
    "PhaseEncodingSteps":240,
    "AcquisitionMatrixPE":240,
    "ReconMatrixPE":300,
    "ParallelReductionFactorInPlane":2,
    "PixelBandwidth":220,
    "DwellTime":7.1e-06,
    "PhaseEncodingDirection":"i",
    "SliceTiming":[
        60.0156,
        0,
        60.1875,
        0.17188,
        60.3594,
        0.35938,
        60.5156,
        0.51562,
        60.7188,
        0.71875,
        60.8906,
        0.89062,
        61.0469,
        1.04688,
        61.2188,
        1.23438,
        61.4219,
        1.39062,
        61.5625,
        1.57812,
        61.7656,
        1.76562,
        61.9375,
        1.92188,
        62.0938,
        2.09375,
        62.2656,
        2.28125,
        62.4531,
        2.45312,
        62.625,
        2.625,
        62.8125,
        2.8125,
        62.9688,
        2.95312,
        63.1406,
        3.15625,
        63.2969,
        3.3125,
        63.4688,
        3.46875,
        63.6719,
        3.65625,
        63.8125,
        3.84375
    ],
    "ImageOrientationPatientDICOM":[
        0.998348,
        -0.0574605,
        -0.000678452,
        0.0573895,
        0.996373,
        0.0628243
    ],
    "InPlanePhaseEncodingDirectionDICOM":"ROW",
    "ConversionSoftware":"dcm2niix",
    "ConversionSoftwareVersion":"v1.0.20201102"
}