{
    "Modality":"MR",
    "MagneticFieldStrength":3,
    "ImagingFrequency":123.248,
    "Manufacturer":"Siemens",
    "ManufacturersModelName":"Prisma_fit",
    "InstitutionName":"Radiologie CHUV",
    "InstitutionalDepartmentName":"Department",
    "InstitutionAddress":"Rue du Bugnon 21,Lausanne,District,CH,1011",
    "DeviceSerialNumber":"67014",
    "StationName":"MRAWP67014",
    "BodyPartExamined":"BRAIN",
    "PatientPosition":"HFS",
    "ProcedureStepDescription":"RESEARCH^Solange_D.",
    "SoftwareVersions":"syngo MR E11",
    "MRAcquisitionType":"2D",
    "SeriesDescription":"t2_map_0.7x0.7x4_44_64ch_T2map",
    "ProtocolName":"t2_map_0.7x0.7x4_44_64ch",
    "ScanningSequence":"SE",
    "SequenceVariant":"SP",
    "SequenceName":"WIP_se2d16",
    "ImageType":[
        "ORIGINAL",
        "PRIMARY",
        "DERIVED",
        "ND",
        "T2",
        "MAP",
        "WIP899C"
    ],
    "RawImage":false,
    "SeriesNumber":6,
    "AcquisitionTime":"13:24:51.792500",
    "AcquisitionNumber":1,
    "ImageComments":"T2 Map [ms x10]",
    "SliceThickness":3,
    "SpacingBetweenSlices":3,
    "SAR":0.614041,
    "RepetitionTime":4,
    "FlipAngle":180,
    "PartialFourier":1,
    "BaseResolution":320,
    "ShimSetting":[
        8218,
        -5665,
        -6252,
        332,
        -56,
        -148,
        42,
        15
    ],
    "TxRefAmp":211.141,
    "PhaseResolution":0.8,
    "ReceiveCoilName":"HeadNeck_64",
    "ReceiveCoilActiveElements":"HC3-7;NC1",
    "PulseSequenceDetails":"%CustomerSeq%\\accT2map_wip899c_ve11e",
    "WipMemBlock":"WIP_Identifier: WIP#899C_VE11E",
    "RefLinesPE":24,
    "CoilCombinationMethod":"Adaptive Combine",
    "ConsistencyInfo":"N4_VE11E_LATEST_20181129",
    "MatrixCoilMode":"GRAPPA",
    "PercentPhaseFOV":93.75,
    "PercentSampling":80,
    "EchoTrainLength":16,
    "PhaseEncodingSteps":240,
    "AcquisitionMatrixPE":240,
    "ReconMatrixPE":600,
    "ParallelReductionFactorInPlane":2,
    "PixelBandwidth":220,
    "DwellTime":7.1e-06,
    "PhaseEncodingDirection":"i",
    "SliceTiming":[
        60.0312,
        0,
        60.2031,
        0.20312,
        60.3906,
        0.39062,
        60.5469,
        0.54688,
        60.7344,
        0.75,
        60.9219,
        0.92188,
        61.0938,
        1.10938,
        61.2969,
        1.26562,
        61.4531,
        1.46875,
        61.6406,
        1.65625,
        61.8281,
        1.84375,
        62.0312,
        2.03125,
        62.2031,
        2.20312,
        62.375,
        2.39062,
        62.5781,
        2.5625,
        62.75,
        2.75,
        62.9375,
        2.92188,
        63.1094,
        3.10938,
        63.2812,
        3.28125,
        63.4531,
        3.45312,
        63.625,
        3.65625,
        63.8125,
        3.82812
    ],
    "ImageOrientationPatientDICOM":[
        0.9989,
        0.0409592,
        -0.0228382,
        -0.0395961,
        0.997575,
        0.0572413
    ],
    "ImageOrientationText":"Tra>Cor(3.2)>Sag(-1.4)",
    "InPlanePhaseEncodingDirectionDICOM":"ROW",
    "ConversionSoftware":"dcm2niix",
    "ConversionSoftwareVersion":"v1.0.20211006"
}