{
    "Modality":"MR",
    "MagneticFieldStrength":3,
    "ImagingFrequency":123.252,
    "Manufacturer":"Siemens",
    "ManufacturersModelName":"Prisma_fit",
    "InstitutionName":"Radiologie CHUV",
    "InstitutionalDepartmentName":"Department",
    "InstitutionAddress":"Rue du Bugnon 21,Lausanne,District,CH,1011",
    "DeviceSerialNumber":"67014",
    "StationName":"MRAWP67014",
    "BodyPartExamined":"BRAIN",
    "PatientPosition":"HFS",
    "ProcedureStepDescription":"RESEARCH^Solange_D.",
    "SoftwareVersions":"syngo MR E11",
    "MRAcquisitionType":"3D",
    "SeriesDescription":"t1_map_0.7x0.7x3_44_LPM_INV2",
    "ProtocolName":"t1_map_0.7x0.7x3_44_LPM",
    "ScanningSequence":"GR\\IR",
    "SequenceVariant":"SK\\SP\\MP",
    "ScanOptions":"IR",
    "SequenceName":"WIP_cmp3d1_16",
    "ImageType":[
        "ORIGINAL",
        "PRIMARY",
        "M",
        "NORM",
        "DIS3D",
        "DIS2D"
    ],
    "SeriesNumber":35,
    "AcquisitionTime":"17:21:40.180000",
    "AcquisitionNumber":1,
    "ImageComments":"Inv2 Image",
    "SliceThickness":3,
    "SAR":0.024089,
    "EchoTime":0.00355,
    "RepetitionTime":5,
    "SpoilingState":true,
    "InversionTime":2.5,
    "FlipAngle":5,
    "PartialFourier":1,
    "BaseResolution":320,
    "ShimSetting":[
        8226,
        -5543,
        -5942,
        597,
        -3,
        35,
        94,
        122
    ],
    "DiffusionScheme":"Bipolar",
    "TxRefAmp":208.619,
    "PhaseResolution":0.8,
    "ReceiveCoilName":"HeadNeck_64",
    "ReceiveCoilActiveElements":"HC1-7",
    "PulseSequenceDetails":"%CustomerSeq%\\cstfl_wip925b",
    "WipMemBlock":"WIP_Identifier: WIP#925B",
    "RefLinesPE":32,
    "CoilCombinationMethod":"Adaptive Combine",
    "ConsistencyInfo":"N4_VE11E_LATEST_20181129",
    "MatrixCoilMode":"GRAPPA",
    "PercentPhaseFOV":93.75,
    "PercentSampling":80,
    "PhaseEncodingSteps":239,
    "AcquisitionMatrixPE":240,
    "ReconMatrixPE":300,
    "ParallelReductionFactorInPlane":2,
    "PixelBandwidth":240,
    "DwellTime":6.5e-06,
    "ImageOrientationPatientDICOM":[
        0.999613,
        0.0219368,
        0.0170811,
        -0.0237318,
        0.993293,
        0.113163
    ],
    "ImageOrientationText":"Tra>Cor(6.5)>Sag(0.8)",
    "InPlanePhaseEncodingDirectionDICOM":"ROW",
    "ConversionSoftware":"dcm2niix",
    "ConversionSoftwareVersion":"v1.0.20211006"
}