{
    "Modality":"MR",
    "MagneticFieldStrength":3,
    "ImagingFrequency":123.252,
    "Manufacturer":"Siemens",
    "ManufacturersModelName":"Prisma_fit",
    "InstitutionName":"Radiologie CHUV",
    "InstitutionalDepartmentName":"Department",
    "InstitutionAddress":"Rue du Bugnon 21,Lausanne,District,CH,1011",
    "DeviceSerialNumber":"67014",
    "StationName":"MRAWP67014",
    "BodyPartExamined":"BRAIN",
    "PatientPosition":"HFS",
    "ProcedureStepDescription":"RESEARCH^Patric",
    "SoftwareVersions":"syngo MR E11",
    "MRAcquisitionType":"3D",
    "SeriesDescription":"t1_map_0.7x0.7x3_44_LPM_INV2",
    "ProtocolName":"t1_map_0.7x0.7x3_44_LPM",
    "ScanningSequence":"GR\\IR",
    "SequenceVariant":"SK\\SP\\MP",
    "ScanOptions":"IR",
    "SequenceName":"tfl3d1_16",
    "ImageType":[
        "ORIGINAL",
        "PRIMARY",
        "M",
        "ND",
        "NORM"
    ],
    "SeriesNumber":32,
    "AcquisitionTime":"12:18:2.552500",
    "AcquisitionNumber":1,
    "ImageComments":"Image quality: not assessed",
    "SliceThickness":3,
    "SAR":0.0206435,
    "EchoTime":0.00368,
    "RepetitionTime":5,
    "InversionTime":2.5,
    "FlipAngle":5,
    "PartialFourier":1,
    "BaseResolution":320,
    "ShimSetting":[
        8223,
        -5540,
        -6033,
        519,
        -40,
        117,
        -2,
        119
    ],
    "TxRefAmp":207.103,
    "PhaseResolution":0.8,
    "ReceiveCoilName":"HeadNeck_64",
    "ReceiveCoilActiveElements":"HC1-7",
    "PulseSequenceDetails":"%CustomerSeq%\\tfl_wip900B",
    "WipMemBlock":"WIP_Identifier: WIP#900B_VE11A",
    "RefLinesPE":32,
    "ConsistencyInfo":"N4_VE11C_LATEST_20160120",
    "PercentPhaseFOV":93.75,
    "PercentSampling":80,
    "PhaseEncodingSteps":239,
    "AcquisitionMatrixPE":240,
    "ReconMatrixPE":300,
    "ParallelReductionFactorInPlane":2,
    "PixelBandwidth":235,
    "DwellTime":6.6e-06,
    "ImageOrientationPatientDICOM":[
        0.996223,
        -0.0478601,
        0.072448,
        0.0410574,
        0.994853,
        0.0926372
    ],
    "InPlanePhaseEncodingDirectionDICOM":"ROW",
    "ConversionSoftware":"dcm2niix",
    "ConversionSoftwareVersion":"v1.0.20201102"
}