{
    "Modality":"MR",
    "MagneticFieldStrength":3,
    "ImagingFrequency":123.252,
    "Manufacturer":"Siemens",
    "ManufacturersModelName":"Prisma_fit",
    "InstitutionName":"Radiologie CHUV",
    "InstitutionalDepartmentName":"Department",
    "InstitutionAddress":"Rue du Bugnon 21,Lausanne,District,CH,1011",
    "DeviceSerialNumber":"67014",
    "StationName":"MRAWP67014",
    "BodyPartExamined":"BRAIN",
    "PatientPosition":"HFS",
    "ProcedureStepDescription":"RESEARCH^Solange_D.",
    "SoftwareVersions":"syngo MR E11",
    "MRAcquisitionType":"2D",
    "SeriesDescription":"t2_map_0.7x0.7x4_44_64ch_T2map",
    "ProtocolName":"t2_map_0.7x0.7x4_44_64ch",
    "ScanningSequence":"SE",
    "SequenceVariant":"SP",
    "SequenceName":"WIP_se2d16",
    "ImageType":[
        "ORIGINAL",
        "PRIMARY",
        "DERIVED",
        "ND",
        "T2",
        "MAP",
        "WIP899C"
    ],
    "RawImage":false,
    "SeriesNumber":31,
    "AcquisitionTime":"16:57:38.195000",
    "AcquisitionNumber":1,
    "ImageComments":"T2 Map [ms x10]",
    "SliceThickness":3,
    "SpacingBetweenSlices":3,
    "SAR":0.447222,
    "RepetitionTime":4,
    "FlipAngle":180,
    "PartialFourier":1,
    "BaseResolution":320,
    "ShimSetting":[
        8211,
        -5524,
        -6228,
        116,
        -23,
        6,
        -7,
        12
    ],
    "TxRefAmp":206.794,
    "PhaseResolution":0.8,
    "ReceiveCoilName":"HeadNeck_64",
    "ReceiveCoilActiveElements":"HC1-7",
    "PulseSequenceDetails":"%CustomerSeq%\\accT2map_wip899c_ve11e",
    "WipMemBlock":"WIP_Identifier: WIP#899C_VE11E",
    "RefLinesPE":24,
    "CoilCombinationMethod":"Adaptive Combine",
    "ConsistencyInfo":"N4_VE11E_LATEST_20181129",
    "MatrixCoilMode":"GRAPPA",
    "PercentPhaseFOV":93.75,
    "PercentSampling":80,
    "EchoTrainLength":16,
    "PhaseEncodingSteps":240,
    "AcquisitionMatrixPE":240,
    "ReconMatrixPE":600,
    "ParallelReductionFactorInPlane":2,
    "PixelBandwidth":220,
    "DwellTime":7.1e-06,
    "PhaseEncodingDirection":"i",
    "SliceTiming":[
        60,
        0,
        60.1875,
        0.15625,
        60.3438,
        0.375,
        60.5312,
        0.54688,
        60.7188,
        0.73438,
        60.8906,
        0.92188,
        61.0938,
        1.09375,
        61.2656,
        1.28125,
        61.4688,
        1.4375,
        61.6406,
        1.625,
        61.8281,
        1.82812,
        62,
        2,
        62.1875,
        2.17188,
        62.3594,
        2.35938,
        62.5469,
        2.51562,
        62.7188,
        2.70312,
        62.8906,
        2.89062,
        63.0781,
        3.09375,
        63.2656,
        3.28125,
        63.4375,
        3.4375,
        63.625,
        3.60938,
        63.8125,
        3.82812
    ],
    "ImageOrientationPatientDICOM":[
        0.999966,
        0.00147613,
        0.00812437,
        -0.000872635,
        0.997273,
        -0.0737906
    ],
    "ImageOrientationText":"Tra>Cor(-4.2)>Sag(0.5)",
    "InPlanePhaseEncodingDirectionDICOM":"ROW",
    "ConversionSoftware":"dcm2niix",
    "ConversionSoftwareVersion":"v1.0.20211006"
}