{
    "Modality":"MR",
    "MagneticFieldStrength":3,
    "ImagingFrequency":123.251,
    "Manufacturer":"Siemens",
    "ManufacturersModelName":"Prisma_fit",
    "InstitutionName":"Radiologie CHUV",
    "InstitutionalDepartmentName":"Department",
    "InstitutionAddress":"Rue du Bugnon 21,Lausanne,District,CH,1011",
    "DeviceSerialNumber":"67014",
    "StationName":"MRAWP67014",
    "BodyPartExamined":"BRAIN",
    "PatientPosition":"HFS",
    "ProcedureStepDescription":"RESEARCH^Solange_D.",
    "SoftwareVersions":"syngo MR E11",
    "MRAcquisitionType":"3D",
    "SeriesDescription":"t1_map_0.7x0.7x3_44_LPM_INV1",
    "ProtocolName":"t1_map_0.7x0.7x3_44_LPM",
    "ScanningSequence":"GR\\IR",
    "SequenceVariant":"SK\\SP\\MP",
    "ScanOptions":"IR",
    "SequenceName":"WIP_cmp3d1_16",
    "ImageType":[
        "ORIGINAL",
        "SECONDARY",
        "M",
        "NORM",
        "DIS3D",
        "DIS2D"
    ],
    "SeriesNumber":35,
    "AcquisitionTime":"13:55:48.462500",
    "AcquisitionNumber":1,
    "ImageComments":"Inv1 Image",
    "SliceThickness":3,
    "SAR":0.0281684,
    "EchoTime":0.00355,
    "RepetitionTime":5,
    "SpoilingState":true,
    "InversionTime":0.7,
    "FlipAngle":4,
    "PercentPhaseFOV":78.125,
    "PercentSampling":80,
    "PhaseEncodingSteps":199,
    "AcquisitionMatrixPE":200,
    "ReconMatrixPE":252,
    "PixelBandwidth":240,
    "ImageOrientationPatientDICOM":[
        0.984855,
        0.167149,
        -0.0460564,
        -0.168168,
        0.985572,
        -0.0191742
    ],
    "InPlanePhaseEncodingDirectionDICOM":"ROW",
    "ConversionSoftware":"dcm2niix",
    "ConversionSoftwareVersion":"v1.0.20211006"
}