{
    "Modality":"MR",
    "MagneticFieldStrength":3,
    "ImagingFrequency":123.251,
    "Manufacturer":"Siemens",
    "ManufacturersModelName":"Prisma_fit",
    "InstitutionName":"Radiologie CHUV",
    "InstitutionalDepartmentName":"Department",
    "InstitutionAddress":"Rue du Bugnon 21,Lausanne,District,CH,1011",
    "DeviceSerialNumber":"67014",
    "StationName":"MRAWP67014",
    "BodyPartExamined":"BRAIN",
    "PatientPosition":"HFS",
    "ProcedureStepDescription":"RESEARCH^Solange_D.",
    "SoftwareVersions":"syngo MR E11",
    "MRAcquisitionType":"3D",
    "SeriesDescription":"t1_map_0.7x0.7x3_44_LPM_T1_Images",
    "ProtocolName":"t1_map_0.7x0.7x3_44_LPM",
    "ScanningSequence":"GR\\IR",
    "SequenceVariant":"SK\\SP\\MP",
    "ScanOptions":"IR",
    "SequenceName":"WIP_cmp3d1_16",
    "ImageType":[
        "DERIVED",
        "PRIMARY",
        "T1 MAP",
        "DIS3D",
        "DIS2D"
    ],
    "RawImage":false,
    "SeriesNumber":19,
    "AcquisitionTime":"17:00:5.352500",
    "AcquisitionNumber":1,
    "ImageComments":"T1 Map",
    "SliceThickness":3,
    "SAR":0.018339,
    "EchoTime":0.00355,
    "RepetitionTime":5,
    "SpoilingState":true,
    "PartialFourier":1,
    "BaseResolution":320,
    "ShimSetting":[
        8212,
        -5504,
        -5907,
        553,
        -105,
        54,
        29,
        52
    ],
    "TxRefAmp":207.482,
    "PhaseResolution":0.8,
    "ReceiveCoilName":"HeadNeck_64",
    "ReceiveCoilActiveElements":"HC1-6",
    "PulseSequenceDetails":"%CustomerSeq%\\cstfl_wip925b",
    "WipMemBlock":"WIP_Identifier: WIP#925B",
    "RefLinesPE":32,
    "CoilCombinationMethod":"Adaptive Combine",
    "ConsistencyInfo":"N4_VE11E_LATEST_20181129",
    "MatrixCoilMode":"GRAPPA",
    "PercentPhaseFOV":93.75,
    "PercentSampling":80,
    "PhaseEncodingSteps":239,
    "AcquisitionMatrixPE":240,
    "ReconMatrixPE":300,
    "ParallelReductionFactorInPlane":2,
    "PixelBandwidth":240,
    "DwellTime":6.5e-06,
    "ImageOrientationPatientDICOM":[
        0.996461,
        -0.0681653,
        0.0491805,
        0.0700289,
        0.99685,
        -0.0372199
    ],
    "ImageOrientationText":"Tra>Sag(2.7)>Cor(-2.3)",
    "InPlanePhaseEncodingDirectionDICOM":"ROW",
    "ConversionSoftware":"dcm2niix",
    "ConversionSoftwareVersion":"v1.0.20211006"
}