{
    "Modality":"MR",
    "MagneticFieldStrength":3,
    "ImagingFrequency":123.252,
    "Manufacturer":"Siemens",
    "ManufacturersModelName":"Prisma_fit",
    "InstitutionName":"Radiologie CHUV",
    "InstitutionalDepartmentName":"Department",
    "InstitutionAddress":"Rue du Bugnon 21,Lausanne,District,CH,1011",
    "DeviceSerialNumber":"67014",
    "StationName":"MRAWP67014",
    "BodyPartExamined":"BRAIN",
    "PatientPosition":"HFS",
    "ProcedureStepDescription":"RESEARCH^Solange_D.",
    "SoftwareVersions":"syngo MR E11",
    "MRAcquisitionType":"2D",
    "SeriesDescription":"t2_map_0.7x0.7x4_44_64ch_T2map",
    "ProtocolName":"t2_map_0.7x0.7x4_44_64ch",
    "ScanningSequence":"SE",
    "SequenceVariant":"SP",
    "SequenceName":"WIP_se2d16",
    "ImageType":[
        "ORIGINAL",
        "PRIMARY",
        "DERIVED",
        "ND",
        "T2",
        "MAP",
        "WIP899C"
    ],
    "RawImage":false,
    "SeriesNumber":31,
    "AcquisitionTime":"13:43:8.760000",
    "AcquisitionNumber":1,
    "ImageComments":"T2 Map [ms x10]",
    "SliceThickness":3,
    "SpacingBetweenSlices":3,
    "SAR":0.663339,
    "RepetitionTime":4,
    "FlipAngle":180,
    "PartialFourier":1,
    "BaseResolution":320,
    "ShimSetting":[
        8211,
        -5524,
        -6228,
        116,
        -23,
        6,
        -7,
        12
    ],
    "TxRefAmp":205.345,
    "PhaseResolution":0.8,
    "ReceiveCoilName":"HeadNeck_64",
    "ReceiveCoilActiveElements":"HC1-7;NC1",
    "PulseSequenceDetails":"%CustomerSeq%\\accT2map_wip899c_ve11e",
    "WipMemBlock":"WIP_Identifier: WIP#899C_VE11E",
    "RefLinesPE":24,
    "CoilCombinationMethod":"Adaptive Combine",
    "ConsistencyInfo":"N4_VE11E_LATEST_20181129",
    "MatrixCoilMode":"GRAPPA",
    "PercentPhaseFOV":93.75,
    "PercentSampling":80,
    "EchoTrainLength":16,
    "PhaseEncodingSteps":240,
    "AcquisitionMatrixPE":240,
    "ReconMatrixPE":600,
    "ParallelReductionFactorInPlane":2,
    "PixelBandwidth":220,
    "DwellTime":7.1e-06,
    "PhaseEncodingDirection":"i",
    "SliceTiming":[
        60,
        0,
        60.1562,
        0.14062,
        60.3281,
        0.3125,
        60.5,
        0.48438,
        60.6719,
        0.67188,
        60.8438,
        0.82812,
        61,
        1,
        61.1719,
        1.17188,
        61.3125,
        1.34375,
        61.5,
        1.5,
        61.6406,
        1.64062,
        61.8125,
        1.84375,
        61.9844,
        2,
        62.1562,
        2.14062,
        62.3281,
        2.34375,
        62.4844,
        2.5,
        62.6406,
        2.65625,
        62.8125,
        2.8125,
        63,
        3,
        63.1562,
        3.17188,
        63.3281,
        3.32812,
        63.5,
        3.48438,
        63.6406,
        3.67188,
        63.8125,
        3.84375
    ],
    "ImageOrientationPatientDICOM":[
        0.989923,
        0.117945,
        0.0783714,
        -0.128041,
        0.981892,
        0.139618
    ],
    "ImageOrientationText":"Tra>Cor(8.5)>Sag(3.5)",
    "InPlanePhaseEncodingDirectionDICOM":"ROW",
    "ConversionSoftware":"dcm2niix",
    "ConversionSoftwareVersion":"v1.0.20211006"
}