{
    "Modality":"MR",
    "MagneticFieldStrength":3,
    "ImagingFrequency":123.252,
    "Manufacturer":"Siemens",
    "ManufacturersModelName":"Prisma_fit",
    "InstitutionName":"Radiologie CHUV",
    "InstitutionalDepartmentName":"Department",
    "InstitutionAddress":"Rue du Bugnon 21,Lausanne,District,CH,1011",
    "DeviceSerialNumber":"67014",
    "StationName":"MRAWP67014",
    "BodyPartExamined":"BRAIN",
    "PatientPosition":"HFS",
    "ProcedureStepDescription":"RESEARCH^Patric",
    "SoftwareVersions":"syngo MR E11",
    "MRAcquisitionType":"2D",
    "SeriesDescription":"t2_map_0.7x0.7x3_44_LPM_T2map",
    "ProtocolName":"t2_map_0.7x0.7x3_44_LPM",
    "ScanningSequence":"SE",
    "SequenceVariant":"SP",
    "SequenceName":"se2d16",
    "ImageType":[
        "ORIGINAL",
        "PRIMARY",
        "DERIVED",
        "ND",
        "T2",
        "MAP",
        "WIP899C"
    ],
    "RawImage":false,
    "SeriesNumber":36,
    "AcquisitionTime":"13:37:41.427500",
    "AcquisitionNumber":1,
    "ImageComments":"T2 Map [ms x10]",
    "SliceThickness":3,
    "SpacingBetweenSlices":3,
    "SAR":0.696653,
    "RepetitionTime":4,
    "FlipAngle":180,
    "PartialFourier":1,
    "BaseResolution":320,
    "ShimSetting":[
        8211,
        -5515,
        -6221,
        100,
        -25,
        0,
        -26,
        13
    ],
    "TxRefAmp":201.302,
    "PhaseResolution":0.8,
    "ReceiveCoilName":"HeadNeck_64",
    "ReceiveCoilActiveElements":"HC1-7",
    "PulseSequenceDetails":"%CustomerSeq%\\accT2map_wip899c",
    "WipMemBlock":"WIP_Identifier: WIP#899C_VE11C",
    "RefLinesPE":24,
    "ConsistencyInfo":"N4_VE11C_LATEST_20160120",
    "PercentPhaseFOV":93.75,
    "PercentSampling":80,
    "EchoTrainLength":16,
    "PhaseEncodingSteps":240,
    "AcquisitionMatrixPE":240,
    "ReconMatrixPE":300,
    "ParallelReductionFactorInPlane":2,
    "PixelBandwidth":220,
    "DwellTime":7.1e-06,
    "PhaseEncodingDirection":"i",
    "SliceTiming":[
        60,
        0,
        60.1875,
        0.17188,
        60.3438,
        0.34375,
        60.5469,
        0.54688,
        60.7188,
        0.73438,
        60.8906,
        0.90625,
        61.0938,
        1.07812,
        61.2656,
        1.26562,
        61.4531,
        1.4375,
        61.6406,
        1.64062,
        61.8125,
        1.82812,
        62,
        2,
        62.1875,
        2.15625,
        62.3594,
        2.375,
        62.5469,
        2.54688,
        62.7344,
        2.73438,
        62.9219,
        2.92188,
        63.0781,
        3.0625,
        63.2812,
        3.26562,
        63.4531,
        3.45312,
        63.6406,
        3.64062,
        63.7969,
        3.8125
    ],
    "ImageOrientationPatientDICOM":[
        0.991226,
        -0.0798707,
        -0.105317,
        0.0686179,
        0.991947,
        -0.106456
    ],
    "InPlanePhaseEncodingDirectionDICOM":"ROW",
    "ConversionSoftware":"dcm2niix",
    "ConversionSoftwareVersion":"v1.0.20201102"
}