{
    "Modality":"MR",
    "MagneticFieldStrength":3,
    "ImagingFrequency":123.249,
    "Manufacturer":"Siemens",
    "ManufacturersModelName":"Prisma_fit",
    "InstitutionName":"Radiologie CHUV",
    "InstitutionalDepartmentName":"Department",
    "InstitutionAddress":"Rue du Bugnon 21,Lausanne,District,CH,1011",
    "DeviceSerialNumber":"67014",
    "StationName":"MRAWP67014",
    "BodyPartExamined":"BRAIN",
    "PatientPosition":"HFS",
    "ProcedureStepDescription":"RESEARCH^Solange_D.",
    "SoftwareVersions":"syngo MR E11",
    "MRAcquisitionType":"2D",
    "SeriesDescription":"t2_map_0.7x0.7x4_44_64ch_T2map",
    "ProtocolName":"t2_map_0.7x0.7x4_44_64ch",
    "ScanningSequence":"SE",
    "SequenceVariant":"SP",
    "SequenceName":"WIP_se2d16",
    "ImageType":[
        "ORIGINAL",
        "PRIMARY",
        "DERIVED",
        "ND",
        "T2",
        "MAP",
        "WIP899C"
    ],
    "RawImage":false,
    "SeriesNumber":14,
    "AcquisitionTime":"16:46:38.077500",
    "AcquisitionNumber":1,
    "ImageComments":"T2 Map [ms x10]",
    "SliceThickness":3,
    "SpacingBetweenSlices":3,
    "SAR":0.792053,
    "RepetitionTime":4,
    "FlipAngle":180,
    "PartialFourier":1,
    "BaseResolution":320,
    "ShimSetting":[
        8218,
        -5665,
        -6252,
        332,
        -56,
        -148,
        42,
        15
    ],
    "TxRefAmp":200.656,
    "PhaseResolution":0.8,
    "ReceiveCoilName":"HeadNeck_64",
    "ReceiveCoilActiveElements":"HC1-7",
    "PulseSequenceDetails":"%CustomerSeq%\\accT2map_wip899c_ve11e",
    "WipMemBlock":"WIP_Identifier: WIP#899C_VE11E",
    "RefLinesPE":24,
    "CoilCombinationMethod":"Adaptive Combine",
    "ConsistencyInfo":"N4_VE11E_LATEST_20181129",
    "MatrixCoilMode":"GRAPPA",
    "PercentPhaseFOV":93.75,
    "PercentSampling":80,
    "EchoTrainLength":16,
    "PhaseEncodingSteps":240,
    "AcquisitionMatrixPE":240,
    "ReconMatrixPE":600,
    "ParallelReductionFactorInPlane":2,
    "PixelBandwidth":220,
    "DwellTime":7.1e-06,
    "PhaseEncodingDirection":"i",
    "SliceTiming":[
        60,
        0,
        60.1562,
        0.17188,
        60.375,
        0.35938,
        60.5469,
        0.53125,
        60.7188,
        0.73438,
        60.9219,
        0.92188,
        61.0781,
        1.10938,
        61.2812,
        1.25,
        61.4531,
        1.45312,
        61.6406,
        1.64062,
        61.8125,
        1.82812,
        62.0156,
        1.98438,
        62.1875,
        2.1875,
        62.3594,
        2.35938,
        62.5469,
        2.54688,
        62.7188,
        2.73438,
        62.8906,
        2.90625,
        63.0781,
        3.07812,
        63.2812,
        3.28125,
        63.4375,
        3.46875,
        63.625,
        3.64062,
        63.8281,
        3.82812
    ],
    "ImageOrientationPatientDICOM":[
        0.997766,
        -0.0576352,
        0.03378,
        0.0564826,
        0.99782,
        0.0341362
    ],
    "ImageOrientationText":"Tra>Sag(2.0)>Cor(1.8)",
    "InPlanePhaseEncodingDirectionDICOM":"ROW",
    "ConversionSoftware":"dcm2niix",
    "ConversionSoftwareVersion":"v1.0.20211006"
}