{
    "Modality":"MR",
    "MagneticFieldStrength":3,
    "ImagingFrequency":123.252,
    "Manufacturer":"Siemens",
    "ManufacturersModelName":"Prisma_fit",
    "InstitutionName":"Radiologie CHUV",
    "InstitutionalDepartmentName":"Department",
    "InstitutionAddress":"Rue du Bugnon 21,Lausanne,District,CH,1011",
    "DeviceSerialNumber":"67014",
    "StationName":"MRAWP67014",
    "BodyPartExamined":"BRAIN",
    "PatientPosition":"HFS",
    "ProcedureStepDescription":"RESEARCH^Patric",
    "SoftwareVersions":"syngo MR E11",
    "MRAcquisitionType":"2D",
    "SeriesDescription":"t2_map_0.7x0.7x3_44_LPM_T2map",
    "ProtocolName":"t2_map_0.7x0.7x3_44_LPM",
    "ScanningSequence":"SE",
    "SequenceVariant":"SP",
    "SequenceName":"se2d16",
    "ImageType":[
        "ORIGINAL",
        "PRIMARY",
        "DERIVED",
        "ND",
        "T2",
        "MAP",
        "WIP899C"
    ],
    "RawImage":false,
    "SeriesNumber":36,
    "AcquisitionTime":"15:51:3.365000",
    "AcquisitionNumber":1,
    "ImageComments":"T2 Map [ms x10]",
    "SliceThickness":3,
    "SpacingBetweenSlices":3,
    "SAR":0.706607,
    "RepetitionTime":4,
    "FlipAngle":180,
    "PartialFourier":1,
    "BaseResolution":320,
    "ShimSetting":[
        8211,
        -5517,
        -6220,
        107,
        -21,
        -4,
        -17,
        14
    ],
    "TxRefAmp":202.678,
    "PhaseResolution":0.8,
    "ReceiveCoilName":"HeadNeck_64",
    "ReceiveCoilActiveElements":"HC1-7;NC1",
    "PulseSequenceDetails":"%CustomerSeq%\\accT2map_wip899c",
    "WipMemBlock":"WIP_Identifier: WIP#899C_VE11C",
    "RefLinesPE":24,
    "ConsistencyInfo":"N4_VE11C_LATEST_20160120",
    "PercentPhaseFOV":93.75,
    "PercentSampling":80,
    "EchoTrainLength":16,
    "PhaseEncodingSteps":240,
    "AcquisitionMatrixPE":240,
    "ReconMatrixPE":300,
    "ParallelReductionFactorInPlane":2,
    "PixelBandwidth":220,
    "DwellTime":7.1e-06,
    "PhaseEncodingDirection":"i",
    "SliceTiming":[
        60.0156,
        0,
        60.1875,
        0.20312,
        60.3906,
        0.35938,
        60.5625,
        0.5625,
        60.75,
        0.75,
        60.9375,
        0.9375,
        61.0938,
        1.10938,
        61.2969,
        1.28125,
        61.4688,
        1.45312,
        61.6562,
        1.65625,
        61.8438,
        1.82812,
        62.0156,
        2.01562,
        62.2031,
        2.1875,
        62.3906,
        2.35938,
        62.5469,
        2.5625,
        62.7344,
        2.73438,
        62.9219,
        2.90625,
        63.0938,
        3.10938,
        63.2812,
        3.29688,
        63.4688,
        3.45312,
        63.6406,
        3.64062,
        63.8281,
        3.82812
    ],
    "ImageOrientationPatientDICOM":[
        0.992292,
        -0.0564472,
        -0.110323,
        0.06556,
        0.994572,
        0.0807979
    ],
    "InPlanePhaseEncodingDirectionDICOM":"ROW",
    "ConversionSoftware":"dcm2niix",
    "ConversionSoftwareVersion":"v1.0.20201102"
}