{
    "Modality":"MR",
    "MagneticFieldStrength":3,
    "ImagingFrequency":123.252,
    "Manufacturer":"Siemens",
    "ManufacturersModelName":"Prisma_fit",
    "InstitutionName":"Radiologie CHUV",
    "InstitutionalDepartmentName":"Department",
    "InstitutionAddress":"Rue du Bugnon 21,Lausanne,District,CH,1011",
    "DeviceSerialNumber":"67014",
    "StationName":"MRAWP67014",
    "BodyPartExamined":"HEAD",
    "PatientPosition":"HFS",
    "ProcedureStepDescription":"RESEARCH^Patric",
    "SoftwareVersions":"syngo MR E11",
    "MRAcquisitionType":"2D",
    "SeriesDescription":"t2_map_0.7x0.7x3_44_LPM_T2map",
    "ProtocolName":"t2_map_0.7x0.7x3_44_LPM",
    "ScanningSequence":"SE",
    "SequenceVariant":"SP",
    "SequenceName":"se2d16",
    "ImageType":[
        "ORIGINAL",
        "PRIMARY",
        "DERIVED",
        "ND",
        "T2",
        "MAP",
        "WIP899C"
    ],
    "RawImage":false,
    "SeriesNumber":36,
    "AcquisitionTime":"16:33:43.105000",
    "AcquisitionNumber":1,
    "ImageComments":"T2 Map [ms x10]",
    "SliceThickness":3,
    "SpacingBetweenSlices":3,
    "SAR":0.635656,
    "RepetitionTime":4,
    "FlipAngle":180,
    "PartialFourier":1,
    "BaseResolution":320,
    "ShimSetting":[
        8211,
        -5517,
        -6220,
        107,
        -21,
        -4,
        -17,
        14
    ],
    "TxRefAmp":208.58,
    "PhaseResolution":0.8,
    "ReceiveCoilName":"HeadNeck_64",
    "ReceiveCoilActiveElements":"HC1-7;NC1",
    "PulseSequenceDetails":"%CustomerSeq%\\accT2map_wip899c",
    "WipMemBlock":"WIP_Identifier: WIP#899C_VE11C",
    "RefLinesPE":24,
    "ConsistencyInfo":"N4_VE11C_LATEST_20160120",
    "PercentPhaseFOV":93.75,
    "PercentSampling":80,
    "EchoTrainLength":16,
    "PhaseEncodingSteps":240,
    "AcquisitionMatrixPE":240,
    "ReconMatrixPE":300,
    "ParallelReductionFactorInPlane":2,
    "PixelBandwidth":220,
    "DwellTime":7.1e-06,
    "PhaseEncodingDirection":"i",
    "SliceTiming":[
        60,
        0,
        60.1719,
        0.17188,
        60.3594,
        0.34375,
        60.5156,
        0.54688,
        60.6875,
        0.71875,
        60.9062,
        0.90625,
        61.0938,
        1.09375,
        61.2656,
        1.26562,
        61.4219,
        1.4375,
        61.6094,
        1.64062,
        61.8125,
        1.79688,
        62,
        2,
        62.1562,
        2.17188,
        62.3281,
        2.34375,
        62.5156,
        2.51562,
        62.7031,
        2.6875,
        62.8906,
        2.875,
        63.0938,
        3.07812,
        63.2656,
        3.26562,
        63.4531,
        3.4375,
        63.6094,
        3.60938,
        63.8125,
        3.8125
    ],
    "ImageOrientationPatientDICOM":[
        0.995321,
        0.0746396,
        0.0613577,
        -0.0778091,
        0.995663,
        0.0509995
    ],
    "InPlanePhaseEncodingDirectionDICOM":"ROW",
    "ConversionSoftware":"dcm2niix",
    "ConversionSoftwareVersion":"v1.0.20201102"
}