{
    "Modality":"MR",
    "MagneticFieldStrength":3,
    "ImagingFrequency":123.252,
    "Manufacturer":"Siemens",
    "ManufacturersModelName":"Prisma_fit",
    "InstitutionName":"Radiologie CHUV",
    "InstitutionalDepartmentName":"Department",
    "InstitutionAddress":"Rue du Bugnon 21,Lausanne,District,CH,1011",
    "DeviceSerialNumber":"67014",
    "StationName":"MRAWP67014",
    "BodyPartExamined":"BRAIN",
    "PatientPosition":"HFS",
    "ProcedureStepDescription":"RESEARCH^Patric",
    "SoftwareVersions":"syngo MR E11",
    "MRAcquisitionType":"2D",
    "SeriesDescription":"t2_map_0.7x0.7x3_44_LPM_T2map",
    "ProtocolName":"t2_map_0.7x0.7x3_44_LPM",
    "ScanningSequence":"SE",
    "SequenceVariant":"SP",
    "SequenceName":"se2d16",
    "ImageType":[
        "ORIGINAL",
        "PRIMARY",
        "DERIVED",
        "ND",
        "T2",
        "MAP",
        "WIP899C"
    ],
    "RawImage":false,
    "SeriesNumber":36,
    "AcquisitionTime":"16:08:24.067500",
    "AcquisitionNumber":1,
    "ImageComments":"T2 Map [ms x10]",
    "SliceThickness":3,
    "SpacingBetweenSlices":3,
    "SAR":0.536574,
    "RepetitionTime":4,
    "FlipAngle":180,
    "PartialFourier":1,
    "BaseResolution":320,
    "ShimSetting":[
        8211,
        -5517,
        -6220,
        107,
        -21,
        -4,
        -17,
        14
    ],
    "TxRefAmp":207.454,
    "PhaseResolution":0.8,
    "ReceiveCoilName":"HeadNeck_64",
    "ReceiveCoilActiveElements":"HC1-7",
    "PulseSequenceDetails":"%CustomerSeq%\\accT2map_wip899c",
    "WipMemBlock":"WIP_Identifier: WIP#899C_VE11C",
    "RefLinesPE":24,
    "ConsistencyInfo":"N4_VE11C_LATEST_20160120",
    "PercentPhaseFOV":93.75,
    "PercentSampling":80,
    "EchoTrainLength":16,
    "PhaseEncodingSteps":240,
    "AcquisitionMatrixPE":240,
    "ReconMatrixPE":300,
    "ParallelReductionFactorInPlane":2,
    "PixelBandwidth":220,
    "DwellTime":7.1e-06,
    "PhaseEncodingDirection":"i",
    "SliceTiming":[
        99.9688,
        0,
        60.1719,
        0.1875,
        60.3594,
        0.35938,
        60.5312,
        0.53125,
        60.7188,
        0.73438,
        60.9062,
        0.90625,
        61.0625,
        1.07812,
        61.2812,
        1.28125,
        61.4219,
        1.45312,
        61.6406,
        1.64062,
        61.8281,
        1.82812,
        62,
        2,
        62.1719,
        2.17188,
        62.3594,
        2.35938,
        62.5156,
        2.51562,
        62.7188,
        2.71875,
        62.9062,
        2.90625,
        63.0781,
        3.07812,
        63.2812,
        3.28125,
        63.4531,
        3.45312,
        63.625,
        3.625,
        63.7969,
        3.79688
    ],
    "ImageOrientationPatientDICOM":[
        0.996808,
        0.00923657,
        -0.0793002,
        0.00260964,
        0.988984,
        0.147996
    ],
    "InPlanePhaseEncodingDirectionDICOM":"ROW",
    "ConversionSoftware":"dcm2niix",
    "ConversionSoftwareVersion":"v1.0.20201102"
}