{
    "Modality":"MR",
    "MagneticFieldStrength":3,
    "ImagingFrequency":123.252,
    "Manufacturer":"Siemens",
    "ManufacturersModelName":"Prisma_fit",
    "InstitutionName":"Radiologie CHUV",
    "InstitutionalDepartmentName":"Department",
    "InstitutionAddress":"Rue du Bugnon 21,Lausanne,District,CH,1011",
    "DeviceSerialNumber":"67014",
    "StationName":"MRAWP67014",
    "BodyPartExamined":"BRAIN",
    "PatientPosition":"HFS",
    "ProcedureStepDescription":"RESEARCH^Solange_D.",
    "SoftwareVersions":"syngo MR E11",
    "MRAcquisitionType":"2D",
    "SeriesDescription":"t2_map_0.7x0.7x4_44_64ch_T2map",
    "ProtocolName":"t2_map_0.7x0.7x4_44_64ch",
    "ScanningSequence":"SE",
    "SequenceVariant":"SP",
    "SequenceName":"WIP_se2d16",
    "ImageType":[
        "ORIGINAL",
        "SECONDARY",
        "DERIVED",
        "ND",
        "T2",
        "MAP",
        "WIP899C"
    ],
    "RawImage":false,
    "SeriesNumber":13,
    "AcquisitionTime":"17:02:31.717500",
    "AcquisitionNumber":1,
    "ImageComments":"T2 Map [ms x10]",
    "SliceThickness":3,
    "SpacingBetweenSlices":3,
    "SAR":0.38785,
    "RepetitionTime":4,
    "FlipAngle":180,
    "PartialFourier":0.0666667,
    "PercentPhaseFOV":93.75,
    "PercentSampling":80,
    "EchoTrainLength":16,
    "PhaseEncodingSteps":240,
    "AcquisitionMatrixPE":240,
    "ReconMatrixPE":600,
    "PixelBandwidth":220,
    "PhaseEncodingAxis":"i",
    "SliceTiming":[
        99.9844,
        0,
        60.1562,
        0.17188,
        60.3438,
        0.35938,
        60.5156,
        0.54688,
        60.7188,
        0.70312,
        60.9062,
        0.90625,
        61.0625,
        1.09375,
        61.2812,
        1.26562,
        61.4531,
        1.45312,
        61.6406,
        1.625,
        61.8125,
        1.79688,
        61.9688,
        2,
        62.1562,
        2.1875,
        62.3594,
        2.35938,
        62.5469,
        2.54688,
        62.7188,
        2.70312,
        62.9062,
        2.89062,
        63.0625,
        3.0625,
        63.25,
        3.25,
        63.4219,
        3.45312,
        63.625,
        3.625,
        63.7969,
        3.79688
    ],
    "ImageOrientationPatientDICOM":[
        0.999445,
        -0.0311737,
        -0.0117301,
        0.0314088,
        0.999298,
        0.0204222
    ],
    "InPlanePhaseEncodingDirectionDICOM":"ROW",
    "ConversionSoftware":"dcm2niix",
    "ConversionSoftwareVersion":"v1.0.20211006"
}