{
    "Modality":"MR",
    "MagneticFieldStrength":3,
    "ImagingFrequency":123.252,
    "Manufacturer":"Siemens",
    "ManufacturersModelName":"Prisma_fit",
    "InstitutionName":"Radiologie CHUV",
    "InstitutionalDepartmentName":"Department",
    "InstitutionAddress":"Rue du Bugnon 21,Lausanne,District,CH,1011",
    "DeviceSerialNumber":"67014",
    "StationName":"MRAWP67014",
    "BodyPartExamined":"BRAIN",
    "PatientPosition":"HFS",
    "ProcedureStepDescription":"RESEARCH^Solange_D.",
    "SoftwareVersions":"syngo MR E11",
    "MRAcquisitionType":"3D",
    "SeriesDescription":"t1_map_0.7x0.7x3_44_LPM_T1_Images",
    "ProtocolName":"t1_map_0.7x0.7x3_44_LPM",
    "ScanningSequence":"GR\\IR",
    "SequenceVariant":"SK\\SP\\MP",
    "ScanOptions":"IR",
    "SequenceName":"WIP_cmp3d1_16",
    "ImageType":[
        "DERIVED",
        "PRIMARY",
        "T1 MAP",
        "DIS3D",
        "DIS2D"
    ],
    "RawImage":false,
    "SeriesNumber":37,
    "AcquisitionTime":"13:53:5.177500",
    "AcquisitionNumber":1,
    "ImageComments":"T1 Map",
    "SliceThickness":3,
    "SAR":0.0230556,
    "EchoTime":0.00355,
    "RepetitionTime":5,
    "SpoilingState":true,
    "PartialFourier":1,
    "BaseResolution":320,
    "ShimSetting":[
        8191,
        -5577,
        -6013,
        584,
        -123,
        -127,
        98,
        76
    ],
    "TxRefAmp":213.981,
    "PhaseResolution":0.8,
    "ReceiveCoilName":"HeadNeck_64",
    "ReceiveCoilActiveElements":"HC1-7;NC1",
    "PulseSequenceDetails":"%CustomerSeq%\\cstfl_wip925b",
    "WipMemBlock":"WIP_Identifier: WIP#925B",
    "RefLinesPE":32,
    "CoilCombinationMethod":"Adaptive Combine",
    "ConsistencyInfo":"N4_VE11E_LATEST_20181129",
    "MatrixCoilMode":"GRAPPA",
    "PercentPhaseFOV":93.75,
    "PercentSampling":80,
    "PhaseEncodingSteps":239,
    "AcquisitionMatrixPE":240,
    "ReconMatrixPE":300,
    "ParallelReductionFactorInPlane":2,
    "PixelBandwidth":240,
    "DwellTime":6.5e-06,
    "ImageOrientationPatientDICOM":[
        0.993874,
        0.0863153,
        -0.0690285,
        -0.0743809,
        0.984328,
        0.159896
    ],
    "ImageOrientationText":"Tra>Cor(8.9)>Sag(-4.7)",
    "InPlanePhaseEncodingDirectionDICOM":"ROW",
    "ConversionSoftware":"dcm2niix",
    "ConversionSoftwareVersion":"v1.0.20211006"
}