{
    "Modality":"MR",
    "MagneticFieldStrength":3,
    "ImagingFrequency":123.248,
    "Manufacturer":"Siemens",
    "ManufacturersModelName":"Prisma_fit",
    "InstitutionName":"Radiologie CHUV",
    "InstitutionalDepartmentName":"Department",
    "InstitutionAddress":"Rue du Bugnon 21,Lausanne,District,CH,1011",
    "DeviceSerialNumber":"67014",
    "StationName":"MRAWP67014",
    "BodyPartExamined":"BRAIN",
    "PatientPosition":"HFS",
    "ProcedureStepDescription":"RESEARCH^Solange_D.",
    "SoftwareVersions":"syngo MR E11",
    "MRAcquisitionType":"2D",
    "SeriesDescription":"t2_map_0.7x0.7x4_44_64ch_T2map",
    "ProtocolName":"t2_map_0.7x0.7x4_44_64ch",
    "ScanningSequence":"SE",
    "SequenceVariant":"SP",
    "SequenceName":"WIP_se2d16",
    "ImageType":[
        "ORIGINAL",
        "SECONDARY",
        "DERIVED",
        "ND",
        "T2",
        "MAP",
        "WIP899C"
    ],
    "RawImage":false,
    "SeriesNumber":6,
    "AcquisitionTime":"15:56:14.682500",
    "AcquisitionNumber":1,
    "ImageComments":"T2 Map [ms x10]",
    "SliceThickness":3,
    "SpacingBetweenSlices":3,
    "SAR":0.439081,
    "RepetitionTime":4,
    "FlipAngle":180,
    "PartialFourier":0.0666667,
    "PercentPhaseFOV":93.75,
    "PercentSampling":80,
    "EchoTrainLength":16,
    "PhaseEncodingSteps":240,
    "AcquisitionMatrixPE":240,
    "ReconMatrixPE":600,
    "PixelBandwidth":220,
    "PhaseEncodingAxis":"i",
    "SliceTiming":[
        99.9844,
        0,
        60.1719,
        0.17188,
        60.3594,
        0.34375,
        60.5469,
        0.54688,
        60.7031,
        0.70312,
        60.9062,
        0.90625,
        61.0781,
        1.09375,
        61.2656,
        1.26562,
        61.4375,
        1.4375,
        61.625,
        1.64062,
        61.7812,
        1.79688,
        61.9844,
        2,
        62.1562,
        2.1875,
        62.3281,
        2.34375,
        62.5469,
        2.53125,
        62.7188,
        2.70312,
        62.9062,
        2.875,
        63.0625,
        3.09375,
        63.2656,
        3.26562,
        63.4531,
        3.45312,
        63.625,
        3.64062,
        63.7812,
        3.8125
    ],
    "ImageOrientationPatientDICOM":[
        0.997623,
        0.0500812,
        0.0473384,
        -0.0503628,
        0.99872,
        0.00477454
    ],
    "InPlanePhaseEncodingDirectionDICOM":"ROW",
    "ConversionSoftware":"dcm2niix",
    "ConversionSoftwareVersion":"v1.0.20211006"
}