{
    "Modality":"MR",
    "MagneticFieldStrength":3,
    "ImagingFrequency":123.252,
    "Manufacturer":"Siemens",
    "ManufacturersModelName":"Prisma_fit",
    "InstitutionName":"Radiologie CHUV",
    "InstitutionalDepartmentName":"Department",
    "InstitutionAddress":"Rue du Bugnon 21,Lausanne,District,CH,1011",
    "DeviceSerialNumber":"67014",
    "StationName":"MRAWP67014",
    "BodyPartExamined":"BRAIN",
    "PatientPosition":"HFS",
    "ProcedureStepDescription":"RESEARCH^Patric",
    "SoftwareVersions":"syngo MR E11",
    "MRAcquisitionType":"3D",
    "SeriesDescription":"t1_map_0.7x0.7x3_44_LPM_INV2",
    "ProtocolName":"t1_map_0.7x0.7x3_44_LPM",
    "ScanningSequence":"GR\\IR",
    "SequenceVariant":"SK\\SP\\MP",
    "ScanOptions":"IR",
    "SequenceName":"tfl3d1_16",
    "ImageType":[
        "ORIGINAL",
        "PRIMARY",
        "M",
        "ND",
        "NORM"
    ],
    "SeriesNumber":32,
    "AcquisitionTime":"14:57:11.535000",
    "AcquisitionNumber":1,
    "ImageComments":"Image quality: not assessed",
    "SliceThickness":3,
    "SAR":0.0241168,
    "EchoTime":0.00368,
    "RepetitionTime":5,
    "SpoilingState":true,
    "InversionTime":2.5,
    "FlipAngle":5,
    "PartialFourier":1,
    "BaseResolution":320,
    "ShimSetting":[
        8203,
        -5534,
        -5972,
        470,
        -24,
        -233,
        108,
        45
    ],
    "TxRefAmp":201.98,
    "PhaseResolution":0.8,
    "ReceiveCoilName":"HeadNeck_64",
    "ReceiveCoilActiveElements":"HC3-7;NC1",
    "PulseSequenceDetails":"%CustomerSeq%\\tfl_wip900B",
    "WipMemBlock":"WIP_Identifier: WIP#900B_VE11A",
    "RefLinesPE":32,
    "CoilCombinationMethod":"Adaptive Combine",
    "ConsistencyInfo":"N4_VE11C_LATEST_20160120",
    "MatrixCoilMode":"GRAPPA",
    "PercentPhaseFOV":93.75,
    "PercentSampling":80,
    "PhaseEncodingSteps":239,
    "AcquisitionMatrixPE":240,
    "ReconMatrixPE":300,
    "ParallelReductionFactorInPlane":2,
    "PixelBandwidth":235,
    "DwellTime":6.6e-06,
    "ImageOrientationPatientDICOM":[
        0.999901,
        0.00997407,
        -0.00988406,
        -0.0106459,
        0.99746,
        -0.070424
    ],
    "ImageOrientationText":"Tra>Cor(-4.0)>Sag(-0.5)",
    "InPlanePhaseEncodingDirectionDICOM":"ROW",
    "ConversionSoftware":"dcm2niix",
    "ConversionSoftwareVersion":"v1.0.20211006"
}