{
    "Modality":"MR",
    "MagneticFieldStrength":3,
    "ImagingFrequency":123.252,
    "Manufacturer":"Siemens",
    "ManufacturersModelName":"Prisma_fit",
    "InstitutionName":"Radiologie CHUV",
    "InstitutionalDepartmentName":"Department",
    "InstitutionAddress":"Rue du Bugnon 21,Lausanne,District,CH,1011",
    "DeviceSerialNumber":"67014",
    "StationName":"MRAWP67014",
    "BodyPartExamined":"BRAIN",
    "PatientPosition":"HFS",
    "ProcedureStepDescription":"RESEARCH^Patric",
    "SoftwareVersions":"syngo MR E11",
    "MRAcquisitionType":"2D",
    "SeriesDescription":"t2_map_0.7x0.7x3_44_LPM_64ch_T2map",
    "ProtocolName":"t2_map_0.7x0.7x3_44_LPM_64ch",
    "ScanningSequence":"SE",
    "SequenceVariant":"SP",
    "SequenceName":"se2d16",
    "ImageType":[
        "ORIGINAL",
        "PRIMARY",
        "DERIVED",
        "ND",
        "T2",
        "MAP",
        "WIP899C"
    ],
    "RawImage":false,
    "SeriesNumber":35,
    "AcquisitionTime":"16:11:16.070000",
    "AcquisitionNumber":1,
    "ImageComments":"T2 Map [ms x10]",
    "SliceThickness":3,
    "SpacingBetweenSlices":3,
    "SAR":0.398845,
    "RepetitionTime":4,
    "FlipAngle":180,
    "PartialFourier":1,
    "BaseResolution":320,
    "ShimSetting":[
        8214,
        -5514,
        -6225,
        98,
        -25,
        -1,
        -30,
        14
    ],
    "TxRefAmp":205.914,
    "PhaseResolution":0.8,
    "ReceiveCoilName":"HeadNeck_64",
    "ReceiveCoilActiveElements":"HC1-7",
    "PulseSequenceDetails":"%CustomerSeq%\\accT2map_wip899c",
    "WipMemBlock":"WIP_Identifier: WIP#899C_VE11C",
    "RefLinesPE":24,
    "ConsistencyInfo":"N4_VE11C_LATEST_20160120",
    "PercentPhaseFOV":93.75,
    "PercentSampling":80,
    "EchoTrainLength":16,
    "PhaseEncodingSteps":240,
    "AcquisitionMatrixPE":240,
    "ReconMatrixPE":600,
    "ParallelReductionFactorInPlane":2,
    "PixelBandwidth":220,
    "DwellTime":7.1e-06,
    "PhaseEncodingDirection":"i",
    "SliceTiming":[
        99.9688,
        0,
        60.1562,
        0.17188,
        60.3438,
        0.34375,
        60.5469,
        0.54688,
        60.7188,
        0.6875,
        60.8906,
        0.90625,
        61.0938,
        1.0625,
        61.2656,
        1.26562,
        61.4219,
        1.4375,
        61.625,
        1.60938,
        61.8125,
        1.79688,
        61.9688,
        2,
        62.1562,
        2.17188,
        62.3438,
        2.34375,
        62.5312,
        2.54688,
        62.6875,
        2.71875,
        62.8906,
        2.90625,
        63.0625,
        3.07812,
        63.25,
        3.26562,
        63.4375,
        3.4375,
        63.6094,
        3.60938,
        63.7969,
        3.8125
    ],
    "ImageOrientationPatientDICOM":[
        0.995003,
        0.059732,
        0.080013,
        -0.0453568,
        0.98427,
        -0.17075
    ],
    "InPlanePhaseEncodingDirectionDICOM":"ROW",
    "ConversionSoftware":"dcm2niix",
    "ConversionSoftwareVersion":"v1.0.20201102"
}