{
    "Modality":"MR",
    "MagneticFieldStrength":3,
    "ImagingFrequency":123.252,
    "Manufacturer":"Siemens",
    "ManufacturersModelName":"Prisma_fit",
    "InstitutionName":"Radiologie CHUV",
    "InstitutionalDepartmentName":"Department",
    "InstitutionAddress":"Rue du Bugnon 21,Lausanne,District,CH,1011",
    "DeviceSerialNumber":"67014",
    "StationName":"MRAWP67014",
    "BodyPartExamined":"BRAIN",
    "PatientPosition":"HFS",
    "ProcedureStepDescription":"RESEARCH^Solange_D.",
    "SoftwareVersions":"syngo MR E11",
    "MRAcquisitionType":"2D",
    "SeriesDescription":"t2_map_0.7x0.7x4_44_64ch_T2map",
    "ProtocolName":"t2_map_0.7x0.7x4_44_64ch",
    "ScanningSequence":"SE",
    "SequenceVariant":"SP",
    "SequenceName":"WIP_se2d16",
    "ImageType":[
        "ORIGINAL",
        "SECONDARY",
        "DERIVED",
        "ND",
        "T2",
        "MAP",
        "WIP899C"
    ],
    "RawImage":false,
    "SeriesNumber":35,
    "AcquisitionTime":"11:57:31.140000",
    "AcquisitionNumber":1,
    "ImageComments":"T2 Map [ms x10]",
    "SliceThickness":3,
    "SpacingBetweenSlices":3,
    "SAR":0.542227,
    "RepetitionTime":4,
    "FlipAngle":180,
    "PartialFourier":0.0666667,
    "PercentPhaseFOV":93.75,
    "PercentSampling":80,
    "EchoTrainLength":16,
    "PhaseEncodingSteps":240,
    "AcquisitionMatrixPE":240,
    "ReconMatrixPE":600,
    "PixelBandwidth":220,
    "PhaseEncodingAxis":"i",
    "SliceTiming":[
        99.9922,
        0,
        60.1953,
        0.16406,
        60.375,
        0.34375,
        60.5391,
        0.5625,
        60.7109,
        0.74219,
        60.8984,
        0.92188,
        61.0859,
        1.10156,
        61.2891,
        1.28906,
        61.4688,
        1.46875,
        61.6484,
        1.64062,
        61.8125,
        1.82812,
        62,
        2.00781,
        62.1719,
        2.1875,
        62.3438,
        2.375,
        62.5625,
        2.5625,
        62.7188,
        2.71875,
        62.8984,
        2.89062,
        63.1016,
        3.10156,
        63.2734,
        3.28125,
        63.4453,
        3.44531,
        63.6328,
        3.63281,
        63.8203,
        3.82812
    ],
    "ImageOrientationPatientDICOM":[
        0.999211,
        0.0355784,
        -0.0176724,
        -0.0348932,
        0.998681,
        0.0376749
    ],
    "InPlanePhaseEncodingDirectionDICOM":"ROW",
    "ConversionSoftware":"dcm2niix",
    "ConversionSoftwareVersion":"v1.0.20211006"
}