{
    "Modality":"MR",
    "MagneticFieldStrength":3,
    "ImagingFrequency":123.252,
    "Manufacturer":"Siemens",
    "ManufacturersModelName":"Prisma_fit",
    "InstitutionName":"Radiologie CHUV",
    "InstitutionalDepartmentName":"Department",
    "InstitutionAddress":"Rue du Bugnon 21,Lausanne,District,CH,1011",
    "DeviceSerialNumber":"67014",
    "StationName":"MRAWP67014",
    "BodyPartExamined":"BRAIN",
    "PatientPosition":"HFS",
    "ProcedureStepDescription":"RESEARCH^Solange_D.",
    "SoftwareVersions":"syngo MR E11",
    "MRAcquisitionType":"2D",
    "SeriesDescription":"t2_map_0.7x0.7x4_44_64ch_T2map",
    "ProtocolName":"t2_map_0.7x0.7x4_44_64ch",
    "ScanningSequence":"SE",
    "SequenceVariant":"SP",
    "SequenceName":"WIP_se2d16",
    "ImageType":[
        "ORIGINAL",
        "SECONDARY",
        "DERIVED",
        "ND",
        "T2",
        "MAP",
        "WIP899C"
    ],
    "RawImage":false,
    "SeriesNumber":17,
    "AcquisitionTime":"17:31:17.077500",
    "AcquisitionNumber":1,
    "ImageComments":"T2 Map [ms x10]",
    "SliceThickness":3,
    "SpacingBetweenSlices":3,
    "SAR":0.886418,
    "RepetitionTime":4,
    "FlipAngle":180,
    "PartialFourier":0.0666667,
    "PercentPhaseFOV":93.75,
    "PercentSampling":80,
    "EchoTrainLength":16,
    "PhaseEncodingSteps":240,
    "AcquisitionMatrixPE":240,
    "ReconMatrixPE":600,
    "PixelBandwidth":220,
    "PhaseEncodingAxis":"i",
    "SliceTiming":[
        60.0156,
        0,
        60.1719,
        0.1875,
        60.375,
        0.375,
        60.5469,
        0.54688,
        60.7344,
        0.75,
        60.9219,
        0.92188,
        61.0781,
        1.07812,
        61.25,
        1.26562,
        61.4688,
        1.45312,
        61.6406,
        1.625,
        61.7969,
        1.82812,
        62,
        2.01562,
        62.1875,
        2.17188,
        62.375,
        2.375,
        62.5469,
        2.5625,
        62.75,
        2.75,
        62.9062,
        2.92188,
        63.0781,
        3.09375,
        63.2656,
        3.28125,
        63.4688,
        3.45312,
        63.6406,
        3.65625,
        63.8281,
        3.82812
    ],
    "ImageOrientationPatientDICOM":[
        0.982563,
        -0.165987,
        0.0837722,
        0.169718,
        0.9847,
        -0.0395285
    ],
    "InPlanePhaseEncodingDirectionDICOM":"ROW",
    "ConversionSoftware":"dcm2niix",
    "ConversionSoftwareVersion":"v1.0.20211006"
}