{
    "Modality":"MR",
    "MagneticFieldStrength":3,
    "ImagingFrequency":123.252,
    "Manufacturer":"Siemens",
    "ManufacturersModelName":"Prisma_fit",
    "InstitutionName":"Radiologie CHUV",
    "InstitutionalDepartmentName":"Department",
    "InstitutionAddress":"Rue du Bugnon 21,Lausanne,District,CH,1011",
    "DeviceSerialNumber":"67014",
    "StationName":"MRAWP67014",
    "BodyPartExamined":"BRAIN",
    "PatientPosition":"HFS",
    "ProcedureStepDescription":"RESEARCH^Solange_D.",
    "SoftwareVersions":"syngo MR E11",
    "MRAcquisitionType":"2D",
    "SeriesDescription":"t2_map_0.7x0.7x4_44_64ch_T2map",
    "ProtocolName":"t2_map_0.7x0.7x4_44_64ch",
    "ScanningSequence":"SE",
    "SequenceVariant":"SP",
    "SequenceName":"WIP_se2d16",
    "ImageType":[
        "ORIGINAL",
        "PRIMARY",
        "DERIVED",
        "ND",
        "T2",
        "MAP",
        "WIP899C"
    ],
    "RawImage":false,
    "SeriesNumber":31,
    "AcquisitionTime":"15:01:49.730000",
    "AcquisitionNumber":1,
    "ImageComments":"T2 Map [ms x10]",
    "SliceThickness":3,
    "SpacingBetweenSlices":3,
    "SAR":0.453341,
    "RepetitionTime":4,
    "FlipAngle":180,
    "PartialFourier":1,
    "BaseResolution":320,
    "ShimSetting":[
        8211,
        -5524,
        -6228,
        116,
        -23,
        6,
        -7,
        12
    ],
    "TxRefAmp":214.308,
    "PhaseResolution":0.8,
    "ReceiveCoilName":"HeadNeck_64",
    "ReceiveCoilActiveElements":"HC1-7",
    "PulseSequenceDetails":"%CustomerSeq%\\accT2map_wip899c_ve11e",
    "WipMemBlock":"WIP_Identifier: WIP#899C_VE11E",
    "RefLinesPE":24,
    "CoilCombinationMethod":"Adaptive Combine",
    "ConsistencyInfo":"N4_VE11E_LATEST_20181129",
    "MatrixCoilMode":"GRAPPA",
    "PercentPhaseFOV":93.75,
    "PercentSampling":80,
    "EchoTrainLength":16,
    "PhaseEncodingSteps":240,
    "AcquisitionMatrixPE":240,
    "ReconMatrixPE":600,
    "ParallelReductionFactorInPlane":2,
    "PixelBandwidth":220,
    "DwellTime":7.1e-06,
    "PhaseEncodingDirection":"i",
    "SliceTiming":[
        60,
        0,
        60.1719,
        0.17188,
        60.3438,
        0.32812,
        60.5469,
        0.53125,
        60.7188,
        0.70312,
        60.875,
        0.90625,
        61.0781,
        1.07812,
        61.2656,
        1.26562,
        61.4531,
        1.42188,
        61.625,
        1.60938,
        61.7969,
        1.8125,
        62,
        1.98438,
        62.1719,
        2.17188,
        62.3281,
        2.35938,
        62.5469,
        2.53125,
        62.7188,
        2.70312,
        62.875,
        2.90625,
        63.0625,
        3.0625,
        63.2344,
        3.26562,
        63.4219,
        3.4375,
        63.625,
        3.625,
        63.7812,
        3.79688
    ],
    "ImageOrientationPatientDICOM":[
        0.998528,
        -0.00101742,
        0.0542244,
        0.00662259,
        0.994629,
        -0.103291
    ],
    "ImageOrientationText":"Tra>Cor(-5.9)>Sag(3.1)",
    "InPlanePhaseEncodingDirectionDICOM":"ROW",
    "ConversionSoftware":"dcm2niix",
    "ConversionSoftwareVersion":"v1.0.20211006"
}